GEM
  remote: https://rubygems.org/
  specs:
    coderay (1.1.0)
    dbf (2.0.12)
      fastercsv (~> 1.5)
    fastercsv (1.5.5)
    method_source (0.8.2)
    pry (0.10.3)
      coderay (~> 1.1.0)
      method_source (~> 0.8.1)
      slop (~> 3.4)
    rgeo (0.4.0)
    rgeo-shapefile (0.2.3)
      dbf (>= 1.7.0)
      rgeo (>= 0.3.3)
    slop (3.6.0)

PLATFORMS
  ruby

DEPENDENCIES
  pry
  rgeo-shapefile

BUNDLED WITH
   1.10.6
